GIT
  remote: git://github.com/sgnr/liquider.git
  revision: f935ac3e5e1011c6846b4f0d531273c77f58b654
  ref: track-parser
  specs:
    liquider (0.0.1)

PATH
  remote: .
  specs:
    liql (0.1.0)
      graphql

GEM
  remote: https://rubygems.org/
  specs:
    coderay (1.1.1)
    diff-lcs (1.2.5)
    graphql (1.6.3)
    method_source (0.8.2)
    pry (0.10.4)
      coderay (~> 1.1.0)
      method_source (~> 0.8.1)
      slop (~> 3.4)
    rake (10.5.0)
    rspec (3.5.0)
      rspec-core (~> 3.5.0)
      rspec-expectations (~> 3.5.0)
      rspec-mocks (~> 3.5.0)
    rspec-core (3.5.4)
      rspec-support (~> 3.5.0)
    rspec-expectations (3.5.0)
      diff-lcs (>= 1.2.0, < 2.0)
      rspec-support (~> 3.5.0)
    rspec-mocks (3.5.0)
      diff-lcs (>= 1.2.0, < 2.0)
      rspec-support (~> 3.5.0)
    rspec-support (3.5.0)
    slop (3.6.0)

PLATFORMS
  ruby

DEPENDENCIES
  bundler (~> 1.13)
  liql!
  liquider!
  pry
  rake (~> 10.0)
  rspec (~> 3.0)

BUNDLED WITH
   1.15.1
